PATH
  remote: .
  specs:
    traitify (1.6.0)
      faraday (~> 0.9.0)
      faraday_middleware (~> 0.9.0)
      hashie

GEM
  remote: https://rubygems.org/
  specs:
    addressable (2.3.6)
    binding_of_caller (0.7.2)
      debug_inspector (>= 0.0.1)
    coderay (1.1.0)
    crack (0.4.2)
      safe_yaml (~> 1.0.0)
    debug_inspector (0.0.2)
    diff-lcs (1.2.5)
    faraday (0.9.0)
      multipart-post (>= 1.2, < 3)
    faraday_middleware (0.9.1)
      faraday (>= 0.7.4, < 0.10)
    hashie (3.3.2)
    method_source (0.8.2)
    multipart-post (2.0.0)
    pry (0.10.0)
      coderay (~> 1.1.0)
      method_source (~> 0.8.1)
      slop (~> 3.4)
    rake (10.1.1)
    rspec (2.14.1)
      rspec-core (~> 2.14.0)
      rspec-expectations (~> 2.14.0)
      rspec-mocks (~> 2.14.0)
    rspec-core (2.14.8)
    rspec-expectations (2.14.5)
      diff-lcs (>= 1.1.3, < 2.0)
    rspec-mocks (2.14.6)
    safe_yaml (1.0.3)
    slop (3.5.0)
    webmock (1.13.0)
      addressable (>= 2.2.7)
      crack (>= 0.3.2)

PLATFORMS
  ruby

DEPENDENCIES
  binding_of_caller
  bundler (~> 1.3)
  pry
  rake (~> 10.1.0)
  rspec (~> 2.14.0)
  traitify!
  webmock (~> 1.13.0)
